GEM
  remote: https://rubygems.org/
  specs:
    atk (4.1.4)
      glib2 (= 4.1.4)
    cairo (1.17.8)
      native-package-installer (>= 1.0.3)
      pkg-config (>= 1.2.2)
      red-colors
    cairo-gobject (4.1.4)
      cairo (>= 1.16.2)
      glib2 (= 4.1.4)
    coderay (1.1.3)
    erubi (1.12.0)
    faraday (2.7.4)
      faraday-net_http (>= 2.0, < 3.1)
      ruby2_keywords (>= 0.0.4)
    faraday-net_http (3.0.2)
    fiddle (1.1.1)
    forwardable (1.3.3)
    gdk3 (4.1.4)
      cairo-gobject (= 4.1.4)
      gdk_pixbuf2 (= 4.1.4)
      pango (= 4.1.4)
    gdk_pixbuf2 (4.1.4)
      gio2 (= 4.1.4)
    gettext (3.4.3)
      erubi
      locale (>= 2.0.5)
      prime
      text (>= 1.3.0)
    gio2 (4.1.4)
      fiddle
      gobject-introspection (= 4.1.4)
    glib2 (4.1.4)
      native-package-installer (>= 1.0.3)
      pkg-config (>= 1.3.5)
    gobject-introspection (4.1.4)
      glib2 (= 4.1.4)
    gtk3 (4.1.4)
      atk (= 4.1.4)
      gdk3 (= 4.1.4)
    hikidoc (0.1.0)
    kramdown (2.4.0)
      rexml
    kramdown-parser-gfm (1.1.0)
      kramdown (~> 2.0)
    locale (2.1.3)
    matrix (0.4.2)
    native-package-installer (1.1.5)
    nokogiri (1.14.3-arm64-darwin)
      racc (~> 1.4)
    pango (4.1.4)
      cairo-gobject (= 4.1.4)
      gobject-introspection (= 4.1.4)
    pkg-config (1.5.1)
    poppler (4.1.4)
      cairo-gobject (= 4.1.4)
      gio2 (= 4.1.4)
    prime (0.1.2)
      forwardable
      singleton
    rabbit (3.0.1)
      coderay (>= 1.0.0)
      faraday
      gdk_pixbuf2 (>= 3.0.9)
      gettext (>= 3.0.1)
      gtk3
      hikidoc
      kramdown-parser-gfm
      nokogiri
      poppler (>= 3.2.5)
      rdtool
      rouge
      rsvg2 (>= 3.1.4)
      rttool
    racc (1.6.2)
    rake (13.0.6)
    rdtool (0.6.38)
    red-colors (0.3.0)
      matrix
    rexml (3.2.5)
    rouge (4.1.0)
    rsvg2 (4.1.4)
      cairo-gobject (= 4.1.4)
      gdk_pixbuf2 (= 4.1.4)
    rttool (1.0.3.0)
    ruby2_keywords (0.0.5)
    singleton (0.1.1)
    text (1.3.1)

PLATFORMS
  arm64-darwin-22

DEPENDENCIES
  rabbit
  rake

BUNDLED WITH
   2.4.6
